GEM
  remote: http://ruby.taobao.org/
  specs:
    hpricot (0.8.6)

PLATFORMS
  ruby

DEPENDENCIES
  hpricot
