GEM
  remote: https://ruby.taobao.org/
  specs:
    hpricot (0.8.6)

PLATFORMS
  ruby

DEPENDENCIES
  hpricot

BUNDLED WITH
   1.10.6
